PATH
  remote: .
  specs:
    commercetools_sdk (1.0.0)
      json (~> 2.1, >= 2.1.0)
      typhoeus (~> 1.0, >= 1.0.1)

GEM
  remote: https://rubygems.org/
  specs:
    ast (2.4.2)
    byebug (11.1.3)
    coderay (1.1.3)
    diff-lcs (1.5.0)
    ethon (0.15.0)
      ffi (>= 1.15.0)
    ffi (1.15.5)
    jaro_winkler (1.5.4)
    json (2.6.2)
    method_source (1.0.0)
    parallel (1.22.1)
    parser (3.1.2.0)
      ast (~> 2.4.1)
    pry (0.13.1)
      coderay (~> 1.1)
      method_source (~> 1.0)
    pry-byebug (3.9.0)
      byebug (~> 11.0)
      pry (~> 0.13.0)
    rack (2.2.4)
    rainbow (3.1.1)
    rake (13.0.6)
    rspec (3.11.0)
      rspec-core (~> 3.11.0)
      rspec-expectations (~> 3.11.0)
      rspec-mocks (~> 3.11.0)
    rspec-core (3.11.0)
      rspec-support (~> 3.11.0)
    rspec-expectations (3.11.0)
      diff-lcs (>= 1.2.0, < 2.0)
      rspec-support (~> 3.11.0)
    rspec-mocks (3.11.1)
      diff-lcs (>= 1.2.0, < 2.0)
      rspec-support (~> 3.11.0)
    rspec-support (3.11.0)
    rubocop (0.70.0)
      jaro_winkler (~> 1.5.1)
      parallel (~> 1.10)
      parser (>= 2.6)
      rainbow (>= 2.2.2, < 4.0)
      ruby-progressbar (~> 1.7)
      unicode-display_width (>= 1.4.0, < 1.7)
    rubocop-performance (1.3.0)
      rubocop (>= 0.68.0)
    rubocop-rails (2.0.1)
      rack (>= 1.1)
      rubocop (>= 0.70.0)
    ruby-progressbar (1.11.0)
    typhoeus (1.4.0)
      ethon (>= 0.9.0)
    unicode-display_width (1.6.1)

PLATFORMS
  arm64-darwin-20

DEPENDENCIES
  commercetools_sdk!
  pry-byebug
  rake (~> 13.0.1)
  rspec (~> 3.6, >= 3.6.0)
  rubocop (~> 0.70.0)
  rubocop-performance
  rubocop-rails

BUNDLED WITH
   2.2.33
